GIT
  remote: git://github.com/everypolitician/everypolitician-ruby.git
  revision: 1ab5d5ba15ff42cb1af01ba7528b948becfb1544
  specs:
    everypolitician (0.7.0)
      everypolitician-popolo

GEM
  remote: https://rubygems.org/
  specs:
    activesupport (4.2.3)
      i18n (~> 0.7)
      json (~> 1.7, >= 1.7.7)
      minitest (~> 5.1)
      thread_safe (~> 0.3, >= 0.3.4)
      tzinfo (~> 1.1)
    addressable (2.3.8)
    ast (2.0.0)
    astrolabe (1.3.0)
      parser (>= 2.2.0.pre.3, < 3.0)
    bacon (1.2.0)
    bundler-audit (0.5.0)
      bundler (~> 1.2)
      thor (~> 0.18)
    coderay (1.1.0)
    concurrent-ruby (1.0.2)
    connection_pool (2.2.0)
    crack (0.4.2)
      safe_yaml (~> 1.0.0)
    database_cleaner (1.4.1)
    docile (1.1.5)
    dotenv (2.0.1)
    everypolitician-popolo (0.3.1)
    faraday (0.9.2)
      multipart-post (>= 1.2, < 3)
    hashie (3.4.2)
    i18n (0.7.0)
    json (1.8.3)
    jwt (1.5.0)
    method_source (0.8.2)
    minitest (5.7.0)
    multi_json (1.12.1)
    multi_xml (0.5.5)
    multipart-post (2.0.0)
    oauth2 (1.0.0)
      faraday (>= 0.8, < 0.10)
      jwt (~> 1.0)
      multi_json (~> 1.3)
      multi_xml (~> 0.5)
      rack (~> 1.2)
    octokit (4.1.1)
      sawyer (~> 0.6.0, >= 0.5.3)
    oj (2.12.14)
    omniauth (1.2.2)
      hashie (>= 1.2, < 4)
      rack (~> 1.0)
    omniauth-github (1.1.2)
      omniauth (~> 1.0)
      omniauth-oauth2 (~> 1.1)
    omniauth-oauth2 (1.3.0)
      oauth2 (~> 1.0)
      omniauth (~> 1.2)
    parser (2.2.2.5)
      ast (>= 1.1, < 3.0)
    pg (0.18.2)
    powerpack (0.1.1)
    pry (0.10.1)
      coderay (~> 1.1.0)
      method_source (~> 0.8.1)
      slop (~> 3.4)
    puma (2.11.3)
      rack (>= 1.1, < 2.0)
    rack (1.6.4)
    rack-flash3 (1.0.5)
      rack
    rack-github_webhooks (0.3.0)
    rack-protection (1.5.3)
      rack
    rack-test (0.6.3)
      rack (>= 1.0)
    rainbow (2.0.0)
    rake (10.4.2)
    redis (3.3.1)
    rollbar (2.13.0)
      multi_json
    rubocop (0.31.0)
      astrolabe (~> 1.3)
      parser (>= 2.2.2.1, < 3.0)
      powerpack (~> 0.1)
      rainbow (>= 1.99.1, < 3.0)
      ruby-progressbar (~> 1.4)
    ruby-progressbar (1.7.5)
    safe_yaml (1.0.4)
    sawyer (0.6.0)
      addressable (~> 2.3.5)
      faraday (~> 0.8, < 0.10)
    sequel (4.22.0)
    sidekiq (4.2.2)
      concurrent-ruby (~> 1.0)
      connection_pool (~> 2.2, >= 2.2.0)
      rack-protection (~> 1.5)
      redis (~> 3.2, >= 3.2.1)
    simplecov (0.10.0)
      docile (~> 1.1.0)
      json (~> 1.8)
      simplecov-html (~> 0.10.0)
    simplecov-html (0.10.0)
    sinatra (1.4.6)
      rack (~> 1.4)
      rack-protection (~> 1.4)
      tilt (>= 1.3, < 3)
    sinatra-github_webhooks (0.2.0)
      rack-github_webhooks (>= 0.3.0)
      sinatra
    sinatra-sequel (0.9.0)
      bacon
      sequel (>= 3.2.0)
      sinatra (>= 0.9.4)
    slop (3.6.0)
    thor (0.19.1)
    thread_safe (0.3.5)
    tilt (2.0.1)
    tzinfo (1.2.2)
      thread_safe (~> 0.1)
    webmock (1.21.0)
      addressable (>= 2.3.6)
      crack (>= 0.3.2)

PLATFORMS
  ruby

DEPENDENCIES
  activesupport
  bundler-audit (~> 0.5)
  database_cleaner
  dotenv
  everypolitician!
  faraday
  minitest
  octokit
  oj (~> 2.12.14)
  omniauth-github
  pg
  pry
  puma
  rack-flash3
  rack-test
  rake
  rollbar (~> 2.13)
  rubocop
  sequel
  sidekiq (~> 4.2)
  simplecov
  sinatra
  sinatra-github_webhooks
  sinatra-sequel
  webmock

BUNDLED WITH
   1.11.2
